GEM
  remote: https://rubygems.org/
  specs:
    actioncable (7.0.0.rc3)
      actionpack (= 7.0.0.rc3)
      activesupport (= 7.0.0.rc3)
      nio4r (~> 2.0)
      websocket-driver (>= 0.6.1)
    actionmailbox (7.0.0.rc3)
      actionpack (= 7.0.0.rc3)
      activejob (= 7.0.0.rc3)
      activerecord (= 7.0.0.rc3)
      activestorage (= 7.0.0.rc3)
      activesupport (= 7.0.0.rc3)
      mail (>= 2.7.1)
    actionmailer (7.0.0.rc3)
      actionpack (= 7.0.0.rc3)
      actionview (= 7.0.0.rc3)
      activejob (= 7.0.0.rc3)
      activesupport (= 7.0.0.rc3)
      mail (~> 2.5, >= 2.5.4)
      rails-dom-testing (~> 2.0)
    actionpack (7.0.0.rc3)
      actionview (= 7.0.0.rc3)
      activesupport (= 7.0.0.rc3)
      rack (~> 2.0, >= 2.2.0)
      rack-test (>= 0.6.3)
      rails-dom-testing (~> 2.0)
      rails-html-sanitizer (~> 1.0, >= 1.2.0)
    actiontext (7.0.0.rc3)
      actionpack (= 7.0.0.rc3)
      activerecord (= 7.0.0.rc3)
      activestorage (= 7.0.0.rc3)
      activesupport (= 7.0.0.rc3)
      globalid (>= 0.6.0)
      nokogiri (>= 1.8.5)
    actionview (7.0.0.rc3)
      activesupport (= 7.0.0.rc3)
      builder (~> 3.1)
      erubi (~> 1.4)
      rails-dom-testing (~> 2.0)
      rails-html-sanitizer (~> 1.1, >= 1.2.0)
    activejob (7.0.0.rc3)
      activesupport (= 7.0.0.rc3)
      globalid (>= 0.3.6)
    activemodel (7.0.0.rc3)
      activesupport (= 7.0.0.rc3)
    activerecord (7.0.0.rc3)
      activemodel (= 7.0.0.rc3)
      activesupport (= 7.0.0.rc3)
    activestorage (7.0.0.rc3)
      actionpack (= 7.0.0.rc3)
      activejob (= 7.0.0.rc3)
      activerecord (= 7.0.0.rc3)
      activesupport (= 7.0.0.rc3)
      marcel (~> 1.0)
      mini_mime (>= 1.1.0)
    activesupport (7.0.0.rc3)
      concurrent-ruby (~> 1.0, >= 1.0.2)
      i18n (>= 1.6, < 2)
      minitest (>= 5.1)
      tzinfo (~> 2.0)
    airbrussh (1.5.0)
      sshkit (>= 1.6.1, != 1.7.0)
    amq-protocol (2.3.2)
    ast (2.4.2)
    bootsnap (1.16.0)
      msgpack (~> 1.2)
    brakeman (6.0.1)
    builder (3.2.4)
    bundler-audit (0.9.1)
      bundler (>= 1.2.0, < 3)
      thor (~> 1.0)
    bunny (2.22.0)
      amq-protocol (~> 2.3, >= 2.3.1)
      sorted_set (~> 1, >= 1.0.2)
    capistrano (3.17.3)
      airbrussh (>= 1.0.0)
      i18n
      rake (>= 10.0.0)
      sshkit (>= 1.9.0)
    capistrano-bundler (2.1.0)
      capistrano (~> 3.1)
    capistrano-sidekiq (2.3.1)
      capistrano (>= 3.9.0)
      capistrano-bundler
      sidekiq (>= 6.0)
    chronic (0.10.2)
    chronic_duration (0.10.6)
      numerizer (~> 0.1.1)
    concurrent-ruby (1.2.2)
    connection_pool (2.4.1)
    crass (1.0.6)
    date (3.3.3)
    debug (1.8.0)
      irb (>= 1.5.0)
      reline (>= 0.3.1)
    erubi (1.12.0)
    et-orbi (1.2.7)
      tzinfo
    execjs (2.9.1)
    fugit (1.8.1)
      et-orbi (~> 1, >= 1.2.7)
      raabro (~> 1.4)
    globalid (1.2.1)
      activesupport (>= 6.1)
    i18n (1.14.1)
      concurrent-ruby (~> 1.0)
    io-console (0.6.0)
    irb (1.8.1)
      rdoc
      reline (>= 0.3.8)
    loofah (2.21.3)
      crass (~> 1.0.2)
      nokogiri (>= 1.12.0)
    mail (2.8.1)
      mini_mime (>= 0.1.1)
      net-imap
      net-pop
      net-smtp
    marcel (1.0.2)
    method_source (1.0.0)
    mini_mime (1.1.5)
    minitest (5.20.0)
    msgpack (1.7.2)
    net-imap (0.3.7)
      date
      net-protocol
    net-pop (0.1.2)
      net-protocol
    net-protocol (0.2.1)
      timeout
    net-scp (4.0.0)
      net-ssh (>= 2.6.5, < 8.0.0)
    net-smtp (0.4.0)
      net-protocol
    net-ssh (7.2.0)
    nio4r (2.5.9)
    nokogiri (1.15.4-x86_64-linux)
      racc (~> 1.4)
    numerizer (0.1.1)
    parallel (1.23.0)
    parser (3.2.2.3)
      ast (~> 2.4.1)
      racc
    pg (1.5.4)
    pluginator (1.5.0)
    pre-commit (0.39.0)
      pluginator (~> 1.5)
    psych (5.1.0)
      stringio
    puma (5.6.7)
      nio4r (~> 2.0)
    raabro (1.4.0)
    racc (1.7.1)
    rack (2.2.8)
    rack-test (2.1.0)
      rack (>= 1.3)
    rails (7.0.0.rc3)
      actioncable (= 7.0.0.rc3)
      actionmailbox (= 7.0.0.rc3)
      actionmailer (= 7.0.0.rc3)
      actionpack (= 7.0.0.rc3)
      actiontext (= 7.0.0.rc3)
      actionview (= 7.0.0.rc3)
      activejob (= 7.0.0.rc3)
      activemodel (= 7.0.0.rc3)
      activerecord (= 7.0.0.rc3)
      activestorage (= 7.0.0.rc3)
      activesupport (= 7.0.0.rc3)
      bundler (>= 1.15.0)
      railties (= 7.0.0.rc3)
    rails-dom-testing (2.2.0)
      activesupport (>= 5.0.0)
      minitest
      nokogiri (>= 1.6)
    rails-html-sanitizer (1.6.0)
      loofah (~> 2.21)
      nokogiri (~> 1.14)
    railties (7.0.0.rc3)
      actionpack (= 7.0.0.rc3)
      activesupport (= 7.0.0.rc3)
      method_source
      rake (>= 12.2)
      thor (~> 1.0)
      zeitwerk (~> 2.5)
    rainbow (3.1.1)
    rake (13.0.6)
    rbtree (0.4.6)
    rdoc (6.5.0)
      psych (>= 4.0.0)
    redis (4.8.1)
    regexp_parser (2.8.1)
    reline (0.3.8)
      io-console (~> 0.5)
    rexml (3.2.6)
    rubocop (1.18.4)
      parallel (~> 1.10)
      parser (>= 3.0.0.0)
      rainbow (>= 2.2.2, < 4.0)
      regexp_parser (>= 1.8, < 3.0)
      rexml
      rubocop-ast (>= 1.8.0, < 2.0)
      ruby-progressbar (~> 1.7)
      unicode-display_width (>= 1.4.0, < 3.0)
    rubocop-ast (1.29.0)
      parser (>= 3.2.1.0)
    rubocop-discourse (3.4.0)
      rubocop (>= 1.1.0)
      rubocop-rspec (>= 2.0.0)
    rubocop-rails (2.15.2)
      activesupport (>= 4.2.0)
      rack (>= 1.1)
      rubocop (>= 1.7.0, < 2.0)
    rubocop-rspec (2.4.0)
      rubocop (~> 1.0)
      rubocop-ast (>= 1.1.0)
    ruby-progressbar (1.13.0)
    set (1.0.3)
    sidekiq (6.5.9)
      connection_pool (>= 2.2.5, < 3)
      rack (~> 2.0)
      redis (>= 4.5.0, < 5)
    sidekiq-cron (1.10.1)
      fugit (~> 1.8)
      globalid (>= 1.0.1)
      sidekiq (>= 6)
    sidekiq-status (3.0.3)
      chronic_duration
      sidekiq (>= 6.0, < 8)
    sorted_set (1.0.3)
      rbtree
      set (~> 1.0)
    sshkit (1.21.5)
      net-scp (>= 1.1.2)
      net-ssh (>= 2.8.0)
    stringio (3.0.8)
    thor (1.2.2)
    timeout (0.4.0)
    tzinfo (2.0.6)
      concurrent-ruby (~> 1.0)
    unicode-display_width (2.4.2)
    websocket-driver (0.7.6)
      websocket-extensions (>= 0.1.0)
    websocket-extensions (0.1.5)
    whenever (1.0.0)
      chronic (>= 0.6.3)
    zeitwerk (2.6.11)

PLATFORMS
  x86_64-linux

DEPENDENCIES
  bootsnap
  brakeman
  bundler-audit
  bunny
  capistrano-sidekiq
  debug
  execjs
  pg (~> 1.1)
  pre-commit
  puma (~> 5.0)
  rails (= 7.0.0.rc3)
  rubocop (~> 1.18.1)
  rubocop-discourse
  rubocop-rails
  sidekiq (~> 6.5, >= 6.5.4)
  sidekiq-cron (~> 1.2, >= 1.2.1)
  sidekiq-status
  tzinfo-data
  whenever

RUBY VERSION
   ruby 3.0.0p0

BUNDLED WITH
   2.4.19
